GEM
  remote: http://rubygems.org/
  specs:
    activesupport (3.0.4)
    backports (1.18.2)
    bson (1.2.4)
    bson_ext (1.2.4)
    columnize (0.3.2)
    daemons (1.1.0)
    database_cleaner (0.6.4)
    eventmachine (0.12.10)
    faker (0.9.5)
      i18n (~> 0.4)
    git (1.2.5)
    i18n (0.5.0)
    jeweler (1.5.2)
      bundler (~> 1.0.0)
      git (>= 1.2.5)
      rake
    jnunemaker-validatable (1.8.4)
      activesupport (>= 2.3.4)
    joint (0.5.5)
      mime-types
      mongo_mapper (~> 0.8.6)
      wand (~> 0.4)
    linecache (0.43)
    machinist (1.0.6)
    machinist_mongo (1.2.0)
      machinist (~> 1.0.6)
    mime-types (1.16)
    mongo (1.2.4)
      bson (>= 1.2.4)
    mongo_mapper (0.8.6)
      activesupport (>= 2.3.4)
      jnunemaker-validatable (~> 1.8.4)
      plucky (~> 0.3.6)
    monkey-lib (0.5.4)
      backports
    plucky (0.3.6)
      mongo (~> 1.1)
    rack (1.2.1)
    rake (0.8.7)
    relevance-rcov (0.9.2.1)
    ruby-debug (0.10.4)
      columnize (>= 0.1)
      ruby-debug-base (~> 0.10.4.0)
    ruby-debug-base (0.10.4)
      linecache (>= 0.3)
    safe_shell (1.0.1)
    shoulda (2.11.3)
    sinatra (1.1.3)
      rack (~> 1.1)
      tilt (>= 1.2.2, < 2.0)
    sinatra-advanced-routes (0.5.1)
      monkey-lib (~> 0.5.0)
      sinatra (~> 1.0)
      sinatra-sugar (~> 0.5.0)
    sinatra-reloader (0.5.0)
      sinatra (~> 1.0)
      sinatra-advanced-routes (~> 0.5.0)
    sinatra-sugar (0.5.0)
      monkey-lib (~> 0.5.0)
      sinatra (~> 1.0)
    thin (1.2.7)
      daemons (>= 1.0.9)
      eventmachine (>= 0.12.6)
      rack (>= 1.0.0)
    tilt (1.2.2)
    wand (0.4)
      mime-types
      safe_shell (~> 1.0.0)

PLATFORMS
  ruby

DEPENDENCIES
  bson
  bson_ext
  bundler (~> 1.0.0)
  database_cleaner
  eventmachine
  faker
  jeweler (~> 1.5.2)
  joint
  machinist
  machinist_mongo
  mongo
  mongo_mapper
  relevance-rcov
  ruby-debug
  shoulda
  sinatra
  sinatra-reloader
  thin
