GEM
  remote: http://rubygems.org/
  specs:
    backports (1.18.2)
    bson (1.2.0)
    daemons (1.1.0)
    eventmachine (0.12.10)
    git (1.2.5)
    jeweler (1.5.2)
      bundler (~> 1.0.0)
      git (>= 1.2.5)
      rake
    mongo (1.2.0)
      bson (>= 1.2.0)
    monkey-lib (0.5.4)
      backports
    rack (1.2.1)
    rake (0.8.7)
    relevance-rcov (0.9.2.1)
    shoulda (2.11.3)
    sinatra (1.1.0)
      rack (~> 1.1)
      tilt (~> 1.1)
    sinatra-advanced-routes (0.5.1)
      monkey-lib (~> 0.5.0)
      sinatra (~> 1.0)
      sinatra-sugar (~> 0.5.0)
    sinatra-reloader (0.5.0)
      sinatra (~> 1.0)
      sinatra-advanced-routes (~> 0.5.0)
    sinatra-sugar (0.5.0)
      monkey-lib (~> 0.5.0)
      sinatra (~> 1.0)
    thin (1.2.7)
      daemons (>= 1.0.9)
      eventmachine (>= 0.12.6)
      rack (>= 1.0.0)
    tilt (1.1)

PLATFORMS
  ruby

DEPENDENCIES
  bundler (~> 1.0.0)
  eventmachine
  jeweler (~> 1.5.2)
  mongo
  relevance-rcov
  shoulda
  sinatra
  sinatra-reloader
  thin
